GEM
  remote: https://api.rubygems.org/
  specs:
    ast (2.3.0)
    parser (2.3.1.4)
      ast (~> 2.2)
    rdl (2.0.0)
      parser (~> 2.3, >= 2.3.1.2)

PLATFORMS
  ruby

DEPENDENCIES
  rdl
